GEM
  remote: https://rubygems.org/
  specs:
    browserstack-local (1.3.0)
    childprocess (1.0.1)
      rake (< 13.0)
    rake (12.3.3)
    rubyzip (1.3.0)
    selenium-webdriver (3.141.5926)
      childprocess (>= 0.5, < 2.0)
      rubyzip (~> 1.2, >= 1.2.2)

PLATFORMS
  x86_64-darwin-20
  x86_64-darwin-21

DEPENDENCIES
  browserstack-local (= 1.3.0)
  selenium-webdriver (= 3.141.5926)

BUNDLED WITH
   2.2.3
